GEM
  remote: https://rubygems.org/
  specs:
    colorize (0.8.1)
    json (2.1.0)
    require_all (1.5.0)

PLATFORMS
  ruby

DEPENDENCIES
  colorize
  json
  require_all

BUNDLED WITH
   1.15.4
